GEM
  remote: https://rubygems.org/
  specs:
    coderay (1.1.2)
    concurrent-ruby (1.0.5)
    data-sink-client (0.1.2)
      excon (~> 0.55.0)
      faraday (> 0.10.0)
    dotenv (2.2.1)
    excon (0.55.0)
    faraday (0.13.1)
      multipart-post (>= 1.2, < 3)
    foreman (0.84.0)
      thor (~> 0.19.1)
    kgio (2.11.1)
    method_source (0.8.2)
    multipart-post (2.0.0)
    mustermann (1.0.1)
    net-http-persistent (2.9.4)
    oj (3.3.10)
    pry (0.10.4)
      coderay (~> 1.1.0)
      method_source (~> 0.8.1)
      slop (~> 3.4)
    pry-nav (0.2.4)
      pry (>= 0.9.10, < 0.11.0)
    rack (2.0.3)
    rack-protection (2.0.0)
      rack
    raindrops (0.19.0)
    routemaster-client (1.2.3)
      faraday (>= 0.9.0)
      net-http-persistent (~> 2.9.4)
      wisper (>= 1.6.1)
    sinatra (2.0.0)
      mustermann (~> 1.0)
      rack (~> 2.0)
      rack-protection (= 2.0.0)
      tilt (~> 2.0)
    slop (3.6.0)
    thor (0.19.4)
    tilt (2.0.8)
    unicorn (5.4.0)
      kgio (~> 2.6)
      raindrops (~> 0.7)
    wisper (2.0.0)

PLATFORMS
  ruby

DEPENDENCIES
  concurrent-ruby
  data-sink-client
  dotenv
  foreman
  oj
  pry
  pry-nav
  routemaster-client
  sinatra
  unicorn

RUBY VERSION
   ruby 2.4.2p198

BUNDLED WITH
   1.16.1
