GEM
  remote: https://rubygems.org/
  specs:
    coderay (1.1.2)
    dotenv (2.2.1)
    ethon (0.11.0)
      ffi (>= 1.3.0)
    faraday (0.13.1)
      multipart-post (>= 1.2, < 3)
    ffi (1.9.18)
    foreman (0.84.0)
      thor (~> 0.19.1)
    hashie (3.5.7)
    kgio (2.11.1)
    method_source (0.8.2)
    multipart-post (2.0.0)
    mustermann (1.0.1)
    oj (2.18.5)
    pry (0.10.4)
      coderay (~> 1.1.0)
      method_source (~> 0.8.1)
      slop (~> 3.4)
    pry-nav (0.2.4)
      pry (>= 0.9.10, < 0.11.0)
    rack (2.0.3)
    rack-protection (2.0.0)
      rack
    raindrops (0.19.0)
    routemaster-client (3.1.1)
      faraday (>= 0.9.0)
      hashie
      oj (~> 2.17)
      typhoeus (~> 1.1)
      wisper (~> 1.6.1)
    sinatra (2.0.0)
      mustermann (~> 1.0)
      rack (~> 2.0)
      rack-protection (= 2.0.0)
      tilt (~> 2.0)
    slop (3.6.0)
    thor (0.19.4)
    tilt (2.0.8)
    typhoeus (1.3.0)
      ethon (>= 0.9.0)
    unicorn (5.4.0)
      kgio (~> 2.6)
      raindrops (~> 0.7)
    wisper (1.6.1)

PLATFORMS
  ruby

DEPENDENCIES
  dotenv
  foreman
  pry
  pry-nav
  routemaster-client
  sinatra
  unicorn

RUBY VERSION
   ruby 2.4.2p198

BUNDLED WITH
   1.16.1
